PATH
  remote: .
  specs:
    rspec-graphql-integration (0.2.0)
      graphql (>= 1.0.0)
      rspec-core (>= 3.0.0)

GEM
  remote: https://rubygems.org/
  specs:
    ast (2.4.3)
    base64 (0.3.0)
    byebug (12.0.0)
    cgi (0.5.0)
    coderay (1.1.3)
    date (3.4.1)
    diff-lcs (1.6.2)
    docile (1.4.1)
    erb (4.0.4)
      cgi (>= 0.3.3)
    fiber-storage (1.0.1)
    graphql (2.5.11)
      base64
      fiber-storage
      logger
    haml (6.3.0)
      temple (>= 0.8.2)
      thor
      tilt
    io-console (0.8.1)
    irb (1.15.2)
      pp (>= 0.6.0)
      rdoc (>= 4.0.0)
      reline (>= 0.4.2)
    logger (1.7.0)
    method_source (1.1.0)
    mustermann (2.0.2)
      ruby2_keywords (~> 0.0.1)
    parser (2.7.2.0)
      ast (~> 2.4.1)
    powerpack (0.0.9)
    pp (0.6.2)
      prettyprint
    prettier (4.0.4)
      syntax_tree (>= 4.0.1)
      syntax_tree-haml (>= 2.0.0)
      syntax_tree-rbs (>= 0.2.0)
    prettier_print (1.2.1)
    prettyprint (0.2.0)
    pry (0.15.2)
      coderay (~> 1.1)
      method_source (~> 1.0)
    pry-byebug (3.11.0)
      byebug (~> 12.0)
      pry (>= 0.13, < 0.16)
    psych (5.2.6)
      date
      stringio
    rack (2.2.17)
    rack-protection (2.2.4)
      rack
    rainbow (3.1.1)
    rake (13.3.0)
    rbs (3.9.4)
      logger
    rdoc (6.14.2)
      erb
      psych (>= 4.0.0)
    reline (0.6.2)
      io-console (~> 0.5)
    rspec (3.13.1)
      rspec-core (~> 3.13.0)
      rspec-expectations (~> 3.13.0)
      rspec-mocks (~> 3.13.0)
    rspec-core (3.13.5)
      rspec-support (~> 3.13.0)
    rspec-expectations (3.13.5)
      diff-lcs (>= 1.2.0, < 2.0)
      rspec-support (~> 3.13.0)
    rspec-mocks (3.13.5)
      diff-lcs (>= 1.2.0, < 2.0)
      rspec-support (~> 3.13.0)
    rspec-support (3.13.4)
    rubocop (0.16.0)
      parser (~> 2.1)
      powerpack (~> 0.0.6)
      rainbow (>= 1.1.4)
    rubocop-rake (0.5.1)
      rubocop
    rubocop-rspec (1.4.0)
    ruby2_keywords (0.0.5)
    simplecov (0.22.0)
      docile (~> 1.1)
      simplecov-html (~> 0.11)
      simplecov_json_formatter (~> 0.1)
    simplecov-html (0.13.2)
    simplecov_json_formatter (0.1.4)
    sinatra (2.2.4)
      mustermann (~> 2.0)
      rack (~> 2.2)
      rack-protection (= 2.2.4)
      tilt (~> 2.0)
    solargraph (0.13.0)
      parser (~> 2.4)
      sinatra (~> 2)
      thor (~> 0.19, >= 0.19.4)
      yard (~> 0.9)
    stringio (3.1.7)
    syntax_tree (6.3.0)
      prettier_print (>= 1.2.0)
    syntax_tree-haml (4.0.3)
      haml (>= 5.2)
      prettier_print (>= 1.2.1)
      syntax_tree (>= 6.0.0)
    syntax_tree-rbs (1.0.0)
      prettier_print
      rbs
      syntax_tree (>= 2.0.1)
    temple (0.10.3)
    thor (0.20.3)
    tilt (2.6.1)
    yard (0.9.37)

PLATFORMS
  arm64-darwin-21
  arm64-darwin-23
  x86_64-linux

DEPENDENCIES
  byebug
  irb
  prettier
  pry
  pry-byebug
  racc
  rake
  reline
  rspec
  rspec-graphql-integration!
  rubocop
  rubocop-rake
  rubocop-rspec
  simplecov
  solargraph

BUNDLED WITH
   2.5.3
